GEM
  remote: http://www.rubygems.org/
  specs:
    formkeeper (0.0.14)
      hpricot
      rack
    hpricot (0.8.6)
    json (1.8.2)
    oauth (0.4.7)
    rack (1.6.0)
    rack-protection (1.5.3)
      rack
    sinatra (1.4.5)
      rack (~> 1.4)
      rack-protection (~> 1.4)
      tilt (~> 1.3, >= 1.3.4)
    sinatra-formkeeper (0.0.7)
      formkeeper (~> 0.0.12)
      hpricot
      rack
      sinatra
    tilt (1.4.1)

PLATFORMS
  ruby

DEPENDENCIES
  json
  oauth
  sinatra
  sinatra-formkeeper
